GEM
  remote: https://rubygems.org/
  specs:
    gosu (0.7.50)
    gosu_enhanced (0.1.0)
      gosu (~> 0.7)

PLATFORMS
  ruby

DEPENDENCIES
  gosu_enhanced (~> 0.1)
